GEM
  remote: https://rubygems.org/
  specs:
    htmlbeautifier (1.4.3)
    kramdown (2.5.1)
      rexml (>= 3.3.9)
    rexml (3.3.9)

PLATFORMS
  aarch64-linux-gnu
  aarch64-linux-musl
  arm-linux-gnu
  arm-linux-musl
  arm64-darwin
  ruby
  x86-linux-gnu
  x86-linux-musl
  x86_64-darwin
  x86_64-linux-gnu
  x86_64-linux-musl

DEPENDENCIES
  htmlbeautifier
  kramdown

RUBY VERSION
   ruby 3.3.3p89

BUNDLED WITH
   2.5.11
